Brain Vision Data Exchange Header File Version 1.0
; Data created by the Vision Recorder

[Common Infos]
Codepage=UTF-8
DataFile=exp2_cue.eeg
MarkerFile=exp2_cue.vmrk
DataFormat=BINARY
; Data orientation: MULTIPLEXED=ch1,pt1, ch2,pt1 ...
DataOrientation=MULTIPLEXED
NumberOfChannels=32
; Sampling interval in microseconds
SamplingInterval=10000

[Binary Infos]
BinaryFormat=INT_16

[Channel Infos]
; Each entry: Ch<Channel number>=<Name>,<Reference channel name>,
; <Resolution in "Unit">,<Unit>, Future extensions..
; Fields are delimited by commas, some fields might be omitted (empty).
; Commas in channel names are coded as "\1".
Ch1=Fp1,,0.1,µV
Ch2=Fp2,,0.1,µV
Ch3=F3,,0.1,µV
Ch4=Fz,,0.1,µV
Ch5=F4,,0.1,µV
Ch6=FC5,,0.1,µV
Ch7=FC1,,0.1,µV
Ch8=FCz,,0.1,µV
Ch9=FC2,,0.1,µV
Ch10=FC6,,0.1,µV
Ch11=T7,,0.1,µV
Ch12=C3,,0.1,µV
Ch13=C1,,0.1,µV
Ch14=Cz,,0.1,µV
Ch15=C2,,0.1,µV
Ch16=C4,,0.1,µV
Ch17=T8,,0.1,µV
Ch18=CP5,,0.1,µV
Ch19=CP1,,0.1,µV
Ch20=CPz,,0.1,µV
Ch21=CP2,,0.1,µV
Ch22=CP6,,0.1,µV
Ch23=P7,,0.1,µV
Ch24=P3,,0.1,µV
Ch25=P1,,0.1,µV
Ch26=Pz,,0.1,µV
Ch27=P2,,0.1,µV
Ch28=P4,,0.1,µV
Ch29=P8,,0.1,µV
Ch30=O1,,0.1,µV
Ch31=Oz,,0.1,µV
Ch32=O2,,0.1,µV

[Comment]

BrainVision Recorder Professional   -   V. 1.21.0102


A m p l i f i e r  S e t u p
============================
Number of channels: 32
Sampling Rate [Hz]: 100
Sampling Interval [µS]: 10000

Channels
--------
#     Name      Phys. Chn.    Resolution / Unit   Low Cutoff [s]   High Cutoff [Hz]   Notch [Hz]    Series Res. [kOhm] Gradient         Offset
1     Fp1         1                0.1 µV             10             1000              Off                0                 
2     Fp2         2                0.1 µV             10             1000              Off                0                 
3     F3          3                0.1 µV             10             1000              Off                0                 
4     Fz          4                0.1 µV             10             1000              Off                0                 
5     F4          5                0.1 µV             10             1000              Off                0                 
6     FC5         6                0.1 µV             10             1000              Off                0                 
7     FC1         7                0.1 µV             10             1000              Off                0                 
8     FCz         8                0.1 µV             10             1000              Off                0                 
9     FC2         9                0.1 µV             10             1000              Off                0                 
10    FC6         10               0.1 µV             10             1000              Off                0                 
11    T7          11               0.1 µV             10             1000              Off                0                 
12    C3          12               0.1 µV             10             1000              Off                0                 
13    C1          13               0.1 µV             10             1000              Off                0                 
14    Cz          14               0.1 µV             10             1000              Off                0                 
15    C2          15               0.1 µV             10             1000              Off                0                 
16    C4          16               0.1 µV             10             1000              Off                0                 
17    T8          17               0.1 µV             10             1000              Off                0                 
18    CP5         18               0.1 µV             10             1000              Off                0                 
19    CP1         19               0.1 µV             10             1000              Off                0                 
20    CPz         20               0.1 µV             10             1000              Off                0                 
21    CP2         21               0.1 µV             10             1000              Off                0                 
22    CP6         22               0.1 µV             10             1000              Off                0                 
23    P7          23               0.1 µV             10             1000              Off                0                 
24    P3          24               0.1 µV             10             1000              Off                0                 
25    P1          25               0.1 µV             10             1000              Off                0                 
26    Pz          26               0.1 µV             10             1000              Off                0                 
27    P2          27               0.1 µV             10             1000              Off                0                 
28    P4          28               0.1 µV             10             1000              Off                0                 
29    P8          29               0.1 µV             10             1000              Off                0                 
30    O1          30               0.1 µV             10             1000              Off                0                 
31    Oz          31               0.1 µV             10             1000              Off                0                 
32    O2          32               0.1 µV             10             1000              Off                0                 

S o f t w a r e  F i l t e r s
==============================
#     Low Cutoff [s]   High Cutoff [Hz]   Notch [Hz]
1      Off              Off                Off
2      Off              Off                Off
3      Off              Off                Off
4      Off              Off                Off
5      Off              Off                Off
6      Off              Off                Off
7      Off              Off                Off
8      Off              Off                Off
9      Off              Off                Off
10     Off              Off                Off
11     Off              Off                Off
12     Off              Off                Off
13     Off              Off                Off
14     Off              Off                Off
15     Off              Off                Off
16     Off              Off                Off
17     Off              Off                Off
18     Off              Off                Off
19     Off              Off                Off
20     Off              Off                Off
21     Off              Off                Off
22     Off              Off                Off
23     Off              Off                Off
24     Off              Off                Off
25     Off              Off                Off
26     Off              Off                Off
27     Off              Off                Off
28     Off              Off                Off
29     Off              Off                Off
30     Off              Off                Off
31     Off              Off                Off
32     Off              Off                Off


Test Signal from actiCAP is used.
Impedances Imported from actiCAP Control Software:
Impedance [kOhm] at 11:12:32 :
Fp1:          5
Fp2:          4
F3:           4
Fz:           2
F4:           2
FC5:          3
FC1:          6
FCz:          9
FC2:          8
FC6:          3
T7:           5
C3:           4
C1:           3
Cz:           4
C2:           4
C4:           2
T8:           3
CP5:          3
CP1:          3
CPz:          2
CP2:          2
CP6:          0
P7:           3
P3:           1
P1:           7
Pz:           3
P2:           2
P4:           3
P8:           3
O1:           3
Oz:           1
O2:           4
Gnd:          7
Ref:          0
